GEM
  specs:
    chunky_png (1.3.11)
    ffi (1.10.0)
    pdf-core (0.7.0)
    prawn (2.2.2)
      pdf-core (~> 0.7.0)
      ttfunk (~> 1.5)
    prawn-table (0.2.2)
      prawn (>= 1.3.0, < 3.0.0)
    rqrcode (0.10.1)
      chunky_png (~> 1.0)
    rqrcode_png (0.1.5)
      chunky_png
      rqrcode
    ruby-opencv (0.0.18)
    ttfunk (1.5.1)
    zbar (0.3.0)
      ffi (~> 1.0)

PLATFORMS
  ruby

DEPENDENCIES
  prawn
  prawn-table
  rqrcode
  rqrcode_png
  ruby-opencv
  zbar

BUNDLED WITH
   1.17.3
